GEM
  remote: http://rubygems.org/
  specs:
    daemons (1.1.6)
    eventmachine (0.12.10)
    haml (3.1.4)
    htmlentities (4.3.1)
    json (1.6.5)
    mysql2 (0.3.11)
    net-ssh (2.5.2)
    pg (0.14.0)
    rack (1.4.1)
    rack-protection (1.2.0)
      rack
    sass (3.1.15)
    sequel (3.33.0)
    shotgun (0.8)
      rack (>= 1.0)
    sinatra (1.3.2)
      rack (~> 1.3, >= 1.3.6)
      rack-protection (~> 1.2)
      tilt (~> 1.3, >= 1.3.3)
    sinatra-sequel (0.9.0)
      sequel (>= 3.2.0)
      sinatra (>= 0.9.4)
    thin (1.3.1)
      daemons (>= 1.0.9)
      eventmachine (>= 0.12.6)
      rack (>= 1.0.0)
    tilt (1.3.3)

PLATFORMS
  ruby

DEPENDENCIES
  haml
  htmlentities
  json
  mysql2
  net-ssh
  pg
  sass
  sequel
  shotgun
  sinatra
  sinatra-sequel
  thin
