GEM
  remote: http://rubygems.org/
  specs:
    daemons (1.1.9)
    eventmachine (0.12.10)
    haml (3.1.7)
    htmlentities (4.3.1)
    json (1.7.5)
    kgio (2.8.0)
    mysql2 (0.3.11)
    net-ssh (2.5.2)
    rack (1.4.1)
    rack-protection (1.2.0)
      rack
    raindrops (0.11.0)
    sass (3.2.1)
    sequel (3.38.0)
    shotgun (0.9)
      rack (>= 1.0)
    sinatra (1.3.3)
      rack (~> 1.3, >= 1.3.6)
      rack-protection (~> 1.2)
      tilt (~> 1.3, >= 1.3.3)
    sinatra-sequel (0.9.0)
      sequel (>= 3.2.0)
      sinatra (>= 0.9.4)
    thin (1.4.1)
      daemons (>= 1.0.9)
      eventmachine (>= 0.12.6)
      rack (>= 1.0.0)
    tilt (1.3.3)
    unicorn (4.6.3)
      kgio (~> 2.6)
      rack
      raindrops (~> 0.7)

PLATFORMS
  ruby

DEPENDENCIES
  haml
  htmlentities
  json
  mysql2
  net-ssh
  sass
  sequel
  shotgun
  sinatra
  sinatra-sequel
  thin
  unicorn
